PATH
  remote: .
  specs:
    compose (0.1.0)
      thor

GEM
  remote: https://rubygems.org/
  specs:
    ast (2.4.2)
    async (2.0.0)
      console (~> 1.10)
      io-event (~> 1.0.0)
      timers (~> 4.1)
    console (1.14.0)
      fiber-local
    fiber-local (1.0.0)
    io-event (1.0.5)
    minitest (5.15.0)
    paint (2.2.1)
    parallel (1.21.0)
    parser (3.1.1.0)
      ast (~> 2.4.1)
    posix-spawn (0.3.15)
    rainbow (3.1.1)
    rake (13.0.6)
    regexp_parser (2.2.1)
    rexml (3.2.5)
    rubocop (1.25.1)
      parallel (~> 1.10)
      parser (>= 3.1.0.0)
      rainbow (>= 2.2.2, < 4.0)
      regexp_parser (>= 1.8, < 3.0)
      rexml
      rubocop-ast (>= 1.15.1, < 2.0)
      ruby-progressbar (~> 1.7)
      unicode-display_width (>= 1.4.0, < 3.0)
    rubocop-ast (1.16.0)
      parser (>= 3.1.1.0)
    ruby-progressbar (1.11.0)
    thor (1.2.1)
    timers (4.3.3)
    unicode-display_width (2.1.0)

PLATFORMS
  x86_64-darwin-21

DEPENDENCIES
  async (~> 2.0)
  compose!
  minitest (~> 5.0)
  paint (~> 2.2)
  posix-spawn (~> 0.3.15)
  rake (~> 13.0)
  rubocop (~> 1.21)

BUNDLED WITH
   2.3.3
