PATH
  remote: .
  specs:
    compose (0.1.0)
      thor

GEM
  remote: https://rubygems.org/
  specs:
    ast (2.4.2)
    dagwood (1.0.0)
    ffi (1.15.5)
    file-tail (1.2.0)
      tins (~> 1.0)
    minitest (5.15.0)
    paint (2.2.1)
    parallel (1.21.0)
    parser (3.1.1.0)
      ast (~> 2.4.1)
    posix-spawn (0.3.15)
    rainbow (3.1.1)
    rake (13.0.6)
    rb-kqueue (0.2.8)
      ffi (>= 0.5.0)
    regexp_parser (2.2.1)
    rexml (3.2.5)
    rubocop (1.25.1)
      parallel (~> 1.10)
      parser (>= 3.1.0.0)
      rainbow (>= 2.2.2, < 4.0)
      regexp_parser (>= 1.8, < 3.0)
      rexml
      rubocop-ast (>= 1.15.1, < 2.0)
      ruby-progressbar (~> 1.7)
      unicode-display_width (>= 1.4.0, < 3.0)
    rubocop-ast (1.16.0)
      parser (>= 3.1.1.0)
    ruby-progressbar (1.11.0)
    sync (0.5.0)
    thor (1.2.1)
    tins (1.31.0)
      sync
    tomlrb (2.0.1)
    unicode-display_width (2.1.0)

PLATFORMS
  x86_64-darwin-21

DEPENDENCIES
  compose!
  dagwood (~> 1.0)
  file-tail (~> 1.2)
  minitest (~> 5.0)
  paint (~> 2.2)
  posix-spawn (~> 0.3.15)
  rake (~> 13.0)
  rb-kqueue (~> 0.2.8)
  rubocop (~> 1.21)
  tomlrb (~> 2.0)

BUNDLED WITH
   2.3.3
